GEM
  remote: http://rubygems.org/
  specs:
    bouncy-castle-java (1.5.0146.1)
    builder (3.0.0)
    celerity (0.9.2)
    childprocess (0.3.1)
      ffi (~> 1.0.6)
    cucumber (1.1.4)
      builder (>= 2.1.2)
      diff-lcs (>= 1.1.2)
      gherkin (~> 2.7.1)
      json (>= 1.4.6)
      term-ansicolor (>= 1.0.6)
    diff-lcs (1.1.3)
    ffi (1.0.11-java)
    gherkin (2.7.1-java)
      json (>= 1.4.6)
    jruby-openssl (0.7.5)
      bouncy-castle-java (>= 1.5.0146.1)
    json (1.6.5-java)
    multi_json (1.0.4)
    rake (0.9.2.2)
    rspec (2.8.0)
      rspec-core (~> 2.8.0)
      rspec-expectations (~> 2.8.0)
      rspec-mocks (~> 2.8.0)
    rspec-core (2.8.0)
    rspec-expectations (2.8.0)
      diff-lcs (~> 1.1.2)
    rspec-mocks (2.8.0)
    rubyzip (0.9.6.1)
    selenium-webdriver (2.19.0)
      childprocess (>= 0.2.5)
      ffi (~> 1.0.9)
      multi_json (~> 1.0.4)
      rubyzip
    syntax (1.0.0)
    term-ansicolor (1.0.7)
    watir-page-helper (0.4.0)
      watir-webdriver (>= 0.2.0)
    watir-webdriver (0.5.3)
      selenium-webdriver (>= 2.12.0)

PLATFORMS
  java

DEPENDENCIES
  celerity (= 0.9.2)
  cucumber (= 1.1.4)
  gherkin (= 2.7.1)
  jruby-openssl
  rake
  rspec (= 2.8.0)
  selenium-webdriver (= 2.19.0)
  syntax
  watir-page-helper (= 0.4.0)
  watir-webdriver (= 0.5.3)
